PATH
  remote: .
  specs:
    rufus-scheduler (2.0.20)
      tzinfo (>= 0.3.23)
      whedon (>= 0.0.1)

GEM
  remote: https://rubygems.org/
  specs:
    diff-lcs (1.1.3)
    rake (0.9.2.2)
    rspec (2.9.0)
      rspec-core (~> 2.9.0)
      rspec-expectations (~> 2.9.0)
      rspec-mocks (~> 2.9.0)
    rspec-core (2.9.0)
    rspec-expectations (2.9.1)
      diff-lcs (~> 1.1.3)
    rspec-mocks (2.9.0)
    tzinfo (0.3.37)
    whedon (0.0.1)
      tzinfo

PLATFORMS
  ruby

DEPENDENCIES
  rake
  rspec (>= 2.7.0)
  rufus-scheduler!
